PATH
  remote: .
  specs:
    postdata (0.2.0)

GEM
  remote: https://rubygems.org/
  specs:
    minitest (5.8.4)
    rake (10.5.0)

PLATFORMS
  ruby

DEPENDENCIES
  bundler (~> 1.11)
  minitest (~> 5.0)
  postdata!
  rake (~> 10.0)

BUNDLED WITH
   1.16.0
